GEM
  remote: http://rubygems.org/
  specs:
    activemodel (3.2.3)
      activesupport (= 3.2.3)
      builder (~> 3.0.0)
    activesupport (3.2.3)
      i18n (~> 0.6)
      multi_json (~> 1.0)
    bson (1.6.2)
    bson_ext (1.6.2)
      bson (~> 1.6.2)
    builder (3.0.0)
    fast-stemmer (1.0.1)
    i18n (0.6.0)
    mongo (1.6.2)
      bson (~> 1.6.2)
    mongo_mapper (0.11.1)
      activemodel (~> 3.0)
      activesupport (~> 3.0)
      plucky (~> 0.4.0)
    mongomapper_search (0.1.1)
      bson_ext (>= 1.2.0)
      fast-stemmer (~> 1.0.0)
      mongo_mapper (>= 0.9.1)
    multi_json (1.2.0)
    plucky (0.4.4)
      mongo (~> 1.5)
    rack (1.4.1)
    rack-flash (0.1.2)
      rack
    rack-protection (1.2.0)
      rack
    ruby-ole (1.2.11.3)
    sinatra (1.3.2)
      rack (~> 1.3, >= 1.3.6)
      rack-protection (~> 1.2)
      tilt (~> 1.3, >= 1.3.3)
    spreadsheet (0.6.8)
      ruby-ole (>= 1.0)
    tilt (1.3.3)
    will_paginate (3.0.3)
    will_paginate-bootstrap (0.2.0)
      will_paginate (>= 3.0.3)

PLATFORMS
  ruby

DEPENDENCIES
  mongo
  mongo_mapper
  mongomapper_search
  rack-flash
  sinatra
  spreadsheet
  will_paginate (~> 3.0)
  will_paginate-bootstrap
